PATH
  remote: .
  specs:
    bedrock (0.0.1)

GEM
  remote: http://rubygems.org/
  specs:
    ZenTest (4.4.2)
    autotest (4.4.6)
      ZenTest (>= 4.4.1)
    configatron (2.6.4)
      yamler (>= 0.1.0)
    cover_me (1.0.0.rc4)
      configatron
      hashie
    diff-lcs (1.1.2)
    hashie (0.4.0)
    rspec (2.3.0)
      rspec-core (~> 2.3.0)
      rspec-expectations (~> 2.3.0)
      rspec-mocks (~> 2.3.0)
    rspec-core (2.3.0)
    rspec-expectations (2.3.0)
      diff-lcs (~> 1.1.2)
    rspec-mocks (2.3.0)
    yamler (0.1.0)

PLATFORMS
  ruby

DEPENDENCIES
  autotest (~> 4.4.6)
  bedrock!
  cover_me (~> 1.0.0.rc4)
  rspec (~> 2.3.0)
