PATH
  remote: .
  specs:
    bedrock (0.0.1)

GEM
  remote: http://rubygems.org/
  specs:
    ZenTest (4.4.2)
    autotest (4.4.6)
      ZenTest (>= 4.4.1)
    diff-lcs (1.1.2)
    rcov (0.9.9)
    rspec (2.3.0)
      rspec-core (~> 2.3.0)
      rspec-expectations (~> 2.3.0)
      rspec-mocks (~> 2.3.0)
    rspec-core (2.3.0)
    rspec-expectations (2.3.0)
      diff-lcs (~> 1.1.2)
    rspec-mocks (2.3.0)

PLATFORMS
  ruby

DEPENDENCIES
  autotest (~> 4.4.6)
  bedrock!
  rcov (~> 0.9.9)
  rspec (~> 2.3.0)
